PATH
  remote: .
  specs:
    nytimesbooks (0.1.2)

GEM
  remote: https://rubygems.org/
  specs:
    mini_portile2 (2.4.0)
    nokogiri (1.10.5)
      mini_portile2 (~> 2.4.0)
    rake (10.4.2)

PLATFORMS
  ruby

DEPENDENCIES
  bundler (~> 1.16)
  nokogiri
  nytimesbooks!
  rake (~> 10.0)

BUNDLED WITH
   1.16.2
