PATH
  remote: .
  specs:
    nytimesbooks (1.0.0)

GEM
  remote: https://rubygems.org/
  specs:
    mini_portile2 (2.3.0)
    nokogiri (1.8.3)
      mini_portile2 (~> 2.3.0)
    rake (13.0.1)

PLATFORMS
  ruby

DEPENDENCIES
  bundler (~> 1.16)
  nokogiri
  nytimesbooks!
  rake (~> 13.0)

BUNDLED WITH
   1.17.3
