PATH
  remote: .
  specs:
    nytimesbooks (1.0.0)

GEM
  remote: https://rubygems.org/
  specs:
    mini_portile2 (2.8.0)
    nokogiri (1.13.6)
      mini_portile2 (~> 2.8.0)
      racc (~> 1.4)
    racc (1.6.0)
    rake (10.4.2)

PLATFORMS
  ruby

DEPENDENCIES
  bundler (~> 1.16)
  nokogiri
  nytimesbooks!
  rake (~> 10.0)

BUNDLED WITH
   1.17.3
